GEM
  remote: https://rubygems.org/
  specs:
    require_all (1.3.3)

PLATFORMS
  x86-mingw32

DEPENDENCIES
  require_all!

BUNDLED WITH
   1.13.6
